GEM
  remote: https://rubygems.org/
  specs:
    json_schema (0.21.0)
    loadable_config (1.0.1)
      json_schema
    mtik (4.1.2)

PLATFORMS
  ruby

DEPENDENCIES
  loadable_config
  mtik

BUNDLED WITH
   2.1.4
